GEM
  remote: http://rubygems.org/
  specs:
    activemodel (3.1.1)
      activesupport (= 3.1.1)
      builder (~> 3.0.0)
      i18n (~> 0.6)
    activerecord (3.1.1)
      activemodel (= 3.1.1)
      activesupport (= 3.1.1)
      arel (~> 2.2.1)
      tzinfo (~> 0.3.29)
    activesupport (3.1.1)
      multi_json (~> 1.0)
    addressable (2.2.6)
    arel (2.2.1)
    awesome_print (0.4.0)
    builder (3.0.0)
    choice (0.1.4)
    faraday (0.7.5)
      addressable (~> 2.2.6)
      multipart-post (~> 1.1.3)
      rack (>= 1.1.0, < 2)
    google-spreadsheet-ruby (0.1.6)
      nokogiri (>= 1.4.3.1)
      oauth (>= 0.3.6)
      oauth2 (>= 0.5.0)
    i18n (0.6.0)
    log4r (1.1.10)
    multi_json (1.0.3)
    multipart-post (1.1.4)
    nokogiri (1.5.0)
    oauth (0.4.5)
    oauth2 (0.5.1)
      faraday (~> 0.7.4)
      multi_json (~> 1.0.3)
    rack (1.3.5)
    rack-mobile-detect (0.3.0)
      rack
    rack-protection (1.1.4)
      rack
    roo (1.10.1)
      choice (>= 0.1.4)
      google-spreadsheet-ruby (>= 0.1.5)
      nokogiri (>= 1.5.0)
      rubyzip (>= 0.9.4)
      spreadsheet (> 0.6.4)
      todonotes (>= 0.1.0)
    ruby-geometry (0.0.3)
    ruby-ole (1.2.11.2)
    rubyzip (0.9.5)
    shotgun (0.9)
      rack (>= 1.0)
    sinatra (1.3.1)
      rack (~> 1.3, >= 1.3.4)
      rack-protection (~> 1.1, >= 1.1.2)
      tilt (~> 1.3, >= 1.3.3)
    slim (1.0.4)
      temple (~> 0.3.4)
      tilt (~> 1.3.2)
    spreadsheet (0.6.5.9)
      ruby-ole (>= 1.0)
    sqlite3 (1.3.4)
    temple (0.3.4)
    tilt (1.3.3)
    todonotes (0.1.0)
      log4r
    tzinfo (0.3.30)

PLATFORMS
  ruby

DEPENDENCIES
  activerecord (~> 3.1)
  awesome_print (~> 0.4)
  nokogiri (~> 1.5)
  rack-mobile-detect (~> 0.3)
  roo (~> 1.10)
  ruby-geometry
  shotgun (~> 0.9)
  sinatra (~> 1.3)
  slim (~> 1.0)
  sqlite3 (~> 1.3)
